PATH
  remote: .
  specs:
    custom_tracker (1.1.0)
      csv (~> 3.1)
      date (~> 2.0)

GEM
  remote: https://rubygems.org/
  specs:
    csv (3.1.1)
    date (2.0.0)
    minitest (5.12.0)
    rake (13.0.1)

PLATFORMS
  ruby
  x64-mingw32

DEPENDENCIES
  bundler (~> 2.0)
  csv (~> 3.1)
  custom_tracker!
  date (~> 2.0)
  minitest (~> 5.0)
  rake (~> 13.0)

BUNDLED WITH
   2.0.2
