PATH
  remote: .
  specs:
    custom_tracker (0.1.0)

GEM
  remote: https://rubygems.org/
  specs:
    minitest (5.12.0)
    rake (10.5.0)

PLATFORMS
  x64-mingw32

DEPENDENCIES
  bundler (~> 2.0)
  custom_tracker!
  minitest (~> 5.0)
  rake (~> 10.0)

BUNDLED WITH
   2.0.2
